PATH
  remote: .
  specs:
    cassandra_lock (0.0.2)
      cassandra-driver

GEM
  remote: https://rubygems.org/
  specs:
    cassandra-driver (1.1.1)
      ione (~> 1.2)
    diff-lcs (1.2.5)
    ione (1.2.0)
    rake (10.4.2)
    rspec (3.1.0)
      rspec-core (~> 3.1.0)
      rspec-expectations (~> 3.1.0)
      rspec-mocks (~> 3.1.0)
    rspec-core (3.1.7)
      rspec-support (~> 3.1.0)
    rspec-expectations (3.1.2)
      diff-lcs (>= 1.2.0, < 2.0)
      rspec-support (~> 3.1.0)
    rspec-mocks (3.1.3)
      rspec-support (~> 3.1.0)
    rspec-support (3.1.2)

PLATFORMS
  ruby

DEPENDENCIES
  bundler (~> 1.7)
  cassandra_lock!
  rake (~> 10.0)
  rspec (~> 3.1)
